RESTRICTION: >= net461
NUGET
  remote: https://www.nuget.org/api/v2
    FsAlg (0.5.13)
    FSharp.Core (4.3.4)

GROUP Build
NUGET
  remote: https://www.nuget.org/api/v2
    FAKE (4.64.13)
